STORAGE: NONE
RESTRICTION: || (== netcoreapp2.0) (== netstandard2.0) (>= net45)
NUGET
  remote: https://api.nuget.org/v3/index.json
    Argu (5.0.1) - restriction: || (== netcoreapp2.0) (== netstandard2.0) (&& (>= net45) (>= netstandard1.6)) (>= net461)
      FSharp.Core (>= 4.0.0.1) - restriction: >= net45
      FSharp.Core (>= 4.3.2) - restriction: || (== netcoreapp2.0) (== netstandard2.0)
      System.Configuration.ConfigurationManager (>= 4.4) - restriction: || (== netcoreapp2.0) (== netstandard2.0)
    Expecto (5.1.2)
      Argu (>= 3.7) - restriction: || (== netcoreapp2.0) (== netstandard2.0) (&& (>= net45) (>= netstandard1.6)) (>= net461)
      FSharp.Core (>= 4.1.18) - restriction: || (== netcoreapp2.0) (== netstandard2.0) (&& (>= net45) (>= netstandard1.6)) (>= net461)
      Mono.Cecil (>= 0.10.0-beta7) - restriction: || (== netcoreapp2.0) (== netstandard2.0) (&& (>= net45) (>= netstandard1.6)) (>= net461)
      System.Diagnostics.FileVersionInfo (>= 4.3) - restriction: || (== netcoreapp2.0) (== netstandard2.0) (&& (>= net45) (< net461) (>= netstandard1.6) (< netstandard2.0)) (&& (>= net45) (< net461) (>= netstandard2.0))
      System.ValueTuple (>= 4.4) - restriction: || (&& (== netcoreapp2.0) (< netstandard2.0)) (&& (>= net45) (>= netstandard1.6) (< netstandard2.0)) (>= net461)
    FAKE.Lib (4.64.4)
    FSharp.Core (4.3.4)
    Microsoft.NETCore.Platforms (2.0.1) - restriction: || (== netcoreapp2.0) (== netstandard2.0) (&& (>= dnxcore50) (>= net45) (>= netstandard1.6)) (&& (>= dnxcore50) (>= net45) (>= netstandard2.0)) (&& (>= net45) (< net46) (>= netstandard1.6) (< netstandard2.0)) (&& (>= net45) (< net46) (>= netstandard2.0))
    Microsoft.NETCore.Targets (2.0) - restriction: || (== netcoreapp2.0) (== netstandard2.0) (&& (>= dnxcore50) (>= net45) (>= netstandard1.6)) (&& (>= dnxcore50) (>= net45) (>= netstandard2.0))
    Mono.Cecil (0.10.0-beta7) - restriction: || (== netcoreapp2.0) (== netstandard2.0) (&& (>= net45) (>= netstandard1.6)) (>= net461)
      System.Collections (>= 4.0.11) - restriction: || (== netcoreapp2.0) (== netstandard2.0) (&& (< net35) (>= net45) (>= netstandard1.3))
      System.IO.FileSystem (>= 4.0.1) - restriction: || (== netcoreapp2.0) (== netstandard2.0) (&& (< net35) (>= net45) (>= netstandard1.3))
      System.IO.FileSystem.Primitives (>= 4.0.1) - restriction: || (== netcoreapp2.0) (== netstandard2.0) (&& (< net35) (>= net45) (>= netstandard1.3))
      System.Reflection (>= 4.1) - restriction: || (== netcoreapp2.0) (== netstandard2.0) (&& (< net35) (>= net45) (>= netstandard1.3))
      System.Runtime.Extensions (>= 4.1) - restriction: || (== netcoreapp2.0) (== netstandard2.0) (&& (< net35) (>= net45) (>= netstandard1.3))
      System.Security.Cryptography.Algorithms (>= 4.2) - restriction: || (== netcoreapp2.0) (== netstandard2.0) (&& (< net35) (>= net45) (>= netstandard1.3))
      System.Security.Cryptography.Csp (>= 4.0) - restriction: || (== netcoreapp2.0) (== netstandard2.0) (&& (< net35) (>= net45) (>= netstandard1.3))
      System.Threading (>= 4.0.11) - restriction: || (== netcoreapp2.0) (== netstandard2.0) (&& (< net35) (>= net45) (>= netstandard1.3))
    runtime.debian.8-x64.runtime.native.System.Security.Cryptography.OpenSsl (4.3.2) - restriction: || (== netcoreapp2.0) (== netstandard2.0) (&& (< net35) (>= net45) (>= netstandard1.6)) (&& (< net35) (>= net461) (>= netstandard1.6))
    runtime.fedora.23-x64.runtime.native.System.Security.Cryptography.OpenSsl (4.3.2) - restriction: || (== netcoreapp2.0) (== netstandard2.0) (&& (< net35) (>= net45) (>= netstandard1.6)) (&& (< net35) (>= net461) (>= netstandard1.6))
    runtime.fedora.24-x64.runtime.native.System.Security.Cryptography.OpenSsl (4.3.2) - restriction: || (== netcoreapp2.0) (== netstandard2.0) (&& (< net35) (>= net45) (>= netstandard1.6)) (&& (< net35) (>= net461) (>= netstandard1.6))
    runtime.native.System.Security.Cryptography.Apple (4.3.1) - restriction: || (== netcoreapp2.0) (== netstandard2.0) (&& (< net35) (>= net45) (>= netstandard1.6)) (&& (< net35) (>= net461) (>= netstandard1.6))
      runtime.osx.10.10-x64.runtime.native.System.Security.Cryptography.Apple (>= 4.3.1)
    runtime.native.System.Security.Cryptography.OpenSsl (4.3.2) - restriction: || (== netcoreapp2.0) (== netstandard2.0) (&& (< net35) (>= net45) (>= netstandard1.6)) (&& (< net35) (>= net461) (>= netstandard1.6))
      runtime.debian.8-x64.runtime.native.System.Security.Cryptography.OpenSsl (>= 4.3.2)
      runtime.fedora.23-x64.runtime.native.System.Security.Cryptography.OpenSsl (>= 4.3.2)
      runtime.fedora.24-x64.runtime.native.System.Security.Cryptography.OpenSsl (>= 4.3.2)
      runtime.opensuse.13.2-x64.runtime.native.System.Security.Cryptography.OpenSsl (>= 4.3.2)
      runtime.opensuse.42.1-x64.runtime.native.System.Security.Cryptography.OpenSsl (>= 4.3.2)
      runtime.osx.10.10-x64.runtime.native.System.Security.Cryptography.OpenSsl (>= 4.3.2)
      runtime.rhel.7-x64.runtime.native.System.Security.Cryptography.OpenSsl (>= 4.3.2)
      runtime.ubuntu.14.04-x64.runtime.native.System.Security.Cryptography.OpenSsl (>= 4.3.2)
      runtime.ubuntu.16.04-x64.runtime.native.System.Security.Cryptography.OpenSsl (>= 4.3.2)
      runtime.ubuntu.16.10-x64.runtime.native.System.Security.Cryptography.OpenSsl (>= 4.3.2)
    runtime.opensuse.13.2-x64.runtime.native.System.Security.Cryptography.OpenSsl (4.3.2) - restriction: || (== netcoreapp2.0) (== netstandard2.0) (&& (< net35) (>= net45) (>= netstandard1.6)) (&& (< net35) (>= net461) (>= netstandard1.6))
    runtime.opensuse.42.1-x64.runtime.native.System.Security.Cryptography.OpenSsl (4.3.2) - restriction: || (== netcoreapp2.0) (== netstandard2.0) (&& (< net35) (>= net45) (>= netstandard1.6)) (&& (< net35) (>= net461) (>= netstandard1.6))
    runtime.osx.10.10-x64.runtime.native.System.Security.Cryptography.Apple (4.3.1) - restriction: || (== netcoreapp2.0) (== netstandard2.0) (&& (< net35) (>= net45) (>= netstandard1.6)) (&& (< net35) (>= net461) (>= netstandard1.6))
    runtime.osx.10.10-x64.runtime.native.System.Security.Cryptography.OpenSsl (4.3.2) - restriction: || (== netcoreapp2.0) (== netstandard2.0) (&& (< net35) (>= net45) (>= netstandard1.6)) (&& (< net35) (>= net461) (>= netstandard1.6))
    runtime.rhel.7-x64.runtime.native.System.Security.Cryptography.OpenSsl (4.3.2) - restriction: || (== netcoreapp2.0) (== netstandard2.0) (&& (< net35) (>= net45) (>= netstandard1.6)) (&& (< net35) (>= net461) (>= netstandard1.6))
    runtime.ubuntu.14.04-x64.runtime.native.System.Security.Cryptography.OpenSsl (4.3.2) - restriction: || (== netcoreapp2.0) (== netstandard2.0) (&& (< net35) (>= net45) (>= netstandard1.6)) (&& (< net35) (>= net461) (>= netstandard1.6))
    runtime.ubuntu.16.04-x64.runtime.native.System.Security.Cryptography.OpenSsl (4.3.2) - restriction: || (== netcoreapp2.0) (== netstandard2.0) (&& (< net35) (>= net45) (>= netstandard1.6)) (&& (< net35) (>= net461) (>= netstandard1.6))
    runtime.ubuntu.16.10-x64.runtime.native.System.Security.Cryptography.OpenSsl (4.3.2) - restriction: || (== netcoreapp2.0) (== netstandard2.0) (&& (< net35) (>= net45) (>= netstandard1.6)) (&& (< net35) (>= net461) (>= netstandard1.6))
    System.Collections (4.3) - restriction: || (== netcoreapp2.0) (== netstandard2.0) (&& (< net35) (>= net45) (>= netstandard1.6)) (&& (< net35) (>= net461) (>= netstandard1.6))
      Microsoft.NETCore.Platforms (>= 1.1) - restriction: || (== netcoreapp2.0) (== netstandard2.0) (&& (>= dnxcore50) (>= net45))
      Microsoft.NETCore.Targets (>= 1.1) - restriction: || (== netcoreapp2.0) (== netstandard2.0) (&& (>= dnxcore50) (>= net45))
      System.Runtime (>= 4.3) - restriction: || (== netcoreapp2.0) (== netstandard2.0) (&& (>= dnxcore50) (>= net45))
    System.Collections.Concurrent (4.3) - restriction: || (== netcoreapp2.0) (== netstandard2.0) (&& (>= dnxcore50) (>= net45) (>= netstandard1.6)) (&& (>= dnxcore50) (>= net461)) (&& (< net35) (>= net45) (>= netstandard1.6)) (&& (< net35) (>= net461) (>= netstandard1.6)) (&& (< net35) (>= net463))
      System.Collections (>= 4.3) - restriction: || (== netcoreapp2.0) (== netstandard2.0) (&& (>= dnxcore50) (>= net45))
      System.Diagnostics.Debug (>= 4.3) - restriction: || (== netcoreapp2.0) (== netstandard2.0) (&& (>= dnxcore50) (>= net45))
      System.Diagnostics.Tracing (>= 4.3) - restriction: || (== netcoreapp2.0) (== netstandard2.0) (&& (>= dnxcore50) (>= net45))
      System.Globalization (>= 4.3) - restriction: || (== netcoreapp2.0) (== netstandard2.0) (&& (>= dnxcore50) (>= net45))
      System.Reflection (>= 4.3) - restriction: || (== netcoreapp2.0) (== netstandard2.0)
      System.Resources.ResourceManager (>= 4.3) - restriction: || (== netcoreapp2.0) (== netstandard2.0) (&& (>= dnxcore50) (>= net45))
      System.Runtime (>= 4.3) - restriction: || (== netcoreapp2.0) (== netstandard2.0) (&& (>= dnxcore50) (>= net45))
      System.Runtime.Extensions (>= 4.3) - restriction: || (== netcoreapp2.0) (== netstandard2.0) (&& (>= dnxcore50) (>= net45))
      System.Threading (>= 4.3) - restriction: || (== netcoreapp2.0) (== netstandard2.0) (&& (>= dnxcore50) (>= net45))
      System.Threading.Tasks (>= 4.3) - restriction: || (== netcoreapp2.0) (== netstandard2.0) (&& (>= dnxcore50) (>= net45))
    System.Collections.Immutable (1.4) - restriction: || (&& (== netcoreapp2.0) (>= monoandroid)) (&& (== netcoreapp2.0) (>= monotouch)) (&& (== netcoreapp2.0) (>= net45)) (&& (== netcoreapp2.0) (< netstandard1.1)) (&& (== netcoreapp2.0) (< netstandard2.0)) (&& (== netcoreapp2.0) (< portable-net45+win8)) (&& (== netcoreapp2.0) (>= xamarinios)) (&& (== netcoreapp2.0) (>= xamarinmac)) (&& (== netcoreapp2.0) (>= xamarintvos)) (&& (== netcoreapp2.0) (>= xamarinwatchos)) (== netstandard2.0) (&& (>= dnxcore50) (>= net45) (>= netstandard1.6)) (&& (>= dnxcore50) (>= net45) (>= netstandard2.0)) (&& (>= monoandroid) (>= net45) (>= netstandard1.6)) (&& (>= monoandroid) (>= net45) (>= netstandard2.0)) (&& (>= monotouch) (>= net45)) (&& (>= net45) (< net46) (>= netstandard1.6) (< netstandard2.0)) (&& (>= net45) (< net46) (>= netstandard2.0)) (&& (>= net45) (< netstandard1.1) (>= netstandard1.6)) (&& (>= net45) (< netstandard1.1) (>= netstandard2.0)) (&& (>= net45) (>= netstandard1.6) (< portable-net45+win8)) (&& (>= net45) (>= netstandard2.0) (< portable-net45+win8)) (&& (>= net45) (>= xamarinios)) (&& (>= net45) (>= xamarinmac)) (&& (>= net45) (>= xamarintvos)) (&& (>= net45) (>= xamarinwatchos))
    System.Configuration.ConfigurationManager (4.4.1) - restriction: || (== netcoreapp2.0) (== netstandard2.0) (&& (< net45) (>= net461) (>= netstandard2.0))
      System.Security.Cryptography.ProtectedData (>= 4.4) - restriction: || (== netcoreapp2.0) (== netstandard2.0) (&& (>= net45) (< net461) (>= netstandard2.0)) (&& (>= net45) (>= netcoreapp2.0))
    System.Diagnostics.Debug (4.3) - restriction: || (== netcoreapp2.0) (== netstandard2.0) (&& (>= dnxcore50) (>= net45) (>= netstandard1.6)) (&& (>= dnxcore50) (>= net461)) (&& (< net35) (>= net45) (>= netstandard1.6)) (&& (< net35) (>= net46) (< netstandard1.4) (>= netstandard1.6)) (&& (< net35) (>= net461) (< netstandard1.4)) (&& (< net35) (>= net461) (>= netstandard1.6)) (&& (< net35) (>= net461) (< netstandard1.6)) (&& (< net35) (>= net463))
      Microsoft.NETCore.Platforms (>= 1.1) - restriction: || (== netcoreapp2.0) (== netstandard2.0) (&& (>= dnxcore50) (>= net45))
      Microsoft.NETCore.Targets (>= 1.1) - restriction: || (== netcoreapp2.0) (== netstandard2.0) (&& (>= dnxcore50) (>= net45))
      System.Runtime (>= 4.3) - restriction: || (== netcoreapp2.0) (== netstandard2.0) (&& (>= dnxcore50) (>= net45))
    System.Diagnostics.FileVersionInfo (4.3) - restriction: || (== netcoreapp2.0) (== netstandard2.0) (&& (>= net45) (< net461) (>= netstandard1.6) (< netstandard2.0)) (&& (>= net45) (< net461) (>= netstandard2.0))
      Microsoft.NETCore.Platforms (>= 1.1) - restriction: || (== netcoreapp2.0) (== netstandard2.0) (&& (>= dnxcore50) (>= net45)) (&& (>= net45) (< net46) (>= netstandard1.3))
      System.Globalization (>= 4.3) - restriction: || (== netcoreapp2.0) (== netstandard2.0) (&& (>= net45) (< net46) (>= netstandard1.3))
      System.IO (>= 4.3) - restriction: || (== netcoreapp2.0) (== netstandard2.0) (&& (>= dnxcore50) (>= net45)) (&& (>= net45) (< net46) (>= netstandard1.3))
      System.IO.FileSystem (>= 4.3) - restriction: || (== netcoreapp2.0) (== netstandard2.0) (&& (>= dnxcore50) (>= net45)) (&& (>= net45) (< net46) (>= netstandard1.3))
      System.IO.FileSystem.Primitives (>= 4.3) - restriction: || (== netcoreapp2.0) (== netstandard2.0) (&& (>= dnxcore50) (>= net45)) (&& (>= net45) (< net46) (>= netstandard1.3))
      System.Reflection.Metadata (>= 1.4.1) - restriction: || (== netcoreapp2.0) (== netstandard2.0) (&& (>= dnxcore50) (>= net45)) (&& (>= net45) (< net46) (>= netstandard1.3))
      System.Runtime (>= 4.3) - restriction: || (== netcoreapp2.0) (== netstandard2.0) (&& (>= dnxcore50) (>= net45)) (&& (>= net45) (< net46) (>= netstandard1.3))
      System.Runtime.Extensions (>= 4.3) - restriction: || (== netcoreapp2.0) (== netstandard2.0) (&& (>= dnxcore50) (>= net45)) (&& (>= net45) (< net46) (>= netstandard1.3))
      System.Runtime.InteropServices (>= 4.3) - restriction: || (== netcoreapp2.0) (== netstandard2.0) (&& (>= net45) (< net46) (>= netstandard1.3))
    System.Diagnostics.Tracing (4.3) - restriction: || (== netcoreapp2.0) (== netstandard2.0) (&& (>= dnxcore50) (>= net45) (>= netstandard1.6)) (&& (>= dnxcore50) (>= net461)) (&& (>= dnxcore50) (>= net463)) (&& (< net35) (>= net45) (>= netstandard1.6)) (&& (< net35) (>= net461) (>= netstandard1.6)) (&& (< net35) (>= net463))
      Microsoft.NETCore.Platforms (>= 1.1) - restriction: || (== netcoreapp2.0) (== netstandard2.0) (&& (>= dnxcore50) (>= net45))
      Microsoft.NETCore.Targets (>= 1.1) - restriction: || (== netcoreapp2.0) (== netstandard2.0) (&& (>= dnxcore50) (>= net45))
      System.Runtime (>= 4.3) - restriction: || (== netcoreapp2.0) (== netstandard2.0) (&& (>= dnxcore50) (>= net45))
    System.Globalization (4.3) - restriction: || (== netcoreapp2.0) (== netstandard2.0) (&& (>= net45) (< net46) (>= netstandard1.6) (< netstandard2.0)) (&& (>= net45) (< net46) (>= netstandard2.0))
      Microsoft.NETCore.Platforms (>= 1.1) - restriction: || (== netcoreapp2.0) (== netstandard2.0) (&& (>= dnxcore50) (>= net45))
      Microsoft.NETCore.Targets (>= 1.1) - restriction: || (== netcoreapp2.0) (== netstandard2.0) (&& (>= dnxcore50) (>= net45))
      System.Runtime (>= 4.3) - restriction: || (== netcoreapp2.0) (== netstandard2.0) (&& (>= dnxcore50) (>= net45))
    System.IO (4.3) - restriction: || (== netcoreapp2.0) (== netstandard2.0) (&& (>= dnxcore50) (>= net45) (>= netstandard1.6)) (&& (>= dnxcore50) (>= net45) (>= netstandard2.0)) (&& (>= net45) (< net46) (>= netstandard1.6) (< netstandard2.0)) (&& (>= net45) (< net46) (>= netstandard2.0))
      Microsoft.NETCore.Platforms (>= 1.1) - restriction: || (== netcoreapp2.0) (== netstandard2.0) (&& (>= dnxcore50) (>= net45))
      Microsoft.NETCore.Targets (>= 1.1) - restriction: || (== netcoreapp2.0) (== netstandard2.0) (&& (>= dnxcore50) (>= net45))
      System.Runtime (>= 4.3) - restriction: || (== netcoreapp2.0) (== netstandard2.0) (&& (>= dnxcore50) (>= net45))
      System.Text.Encoding (>= 4.3) - restriction: || (== netcoreapp2.0) (== netstandard2.0) (&& (>= dnxcore50) (>= net45))
      System.Threading.Tasks (>= 4.3) - restriction: || (== netcoreapp2.0) (== netstandard2.0) (&& (>= dnxcore50) (>= net45))
    System.IO.FileSystem (4.3) - restriction: || (== netcoreapp2.0) (== netstandard2.0) (&& (>= dnxcore50) (>= net45) (>= netstandard1.6)) (&& (>= dnxcore50) (>= net45) (>= netstandard2.0)) (&& (>= net45) (< net46) (>= netstandard1.6) (< netstandard2.0)) (&& (>= net45) (< net46) (>= netstandard2.0))
      Microsoft.NETCore.Platforms (>= 1.1) - restriction: || (== netcoreapp2.0) (== netstandard2.0) (&& (>= net45) (< net46) (>= netstandard1.3))
      Microsoft.NETCore.Targets (>= 1.1) - restriction: || (== netcoreapp2.0) (== netstandard2.0) (&& (>= net45) (< net46) (>= netstandard1.3))
      System.IO (>= 4.3) - restriction: || (== netcoreapp2.0) (== netstandard2.0) (&& (>= net45) (< net46) (>= netstandard1.3))
      System.IO.FileSystem.Primitives (>= 4.3) - restriction: || (== netcoreapp2.0) (== netstandard2.0) (&& (>= net45) (>= netstandard1.3)) (>= net46)
      System.Runtime (>= 4.3) - restriction: || (== netcoreapp2.0) (== netstandard2.0) (&& (>= net45) (< net46) (>= netstandard1.3))
      System.Runtime.Handles (>= 4.3) - restriction: || (== netcoreapp2.0) (== netstandard2.0) (&& (>= net45) (< net46) (>= netstandard1.3))
      System.Text.Encoding (>= 4.3) - restriction: || (== netcoreapp2.0) (== netstandard2.0) (&& (>= net45) (< net46) (>= netstandard1.3))
      System.Threading.Tasks (>= 4.3) - restriction: || (== netcoreapp2.0) (== netstandard2.0) (&& (>= net45) (< net46) (>= netstandard1.3))
    System.IO.FileSystem.Primitives (4.3) - restriction: || (== netcoreapp2.0) (== netstandard2.0) (&& (>= dnxcore50) (>= net45) (>= netstandard1.6)) (&& (>= dnxcore50) (>= net45) (>= netstandard2.0)) (&& (>= net45) (< net46) (>= netstandard1.6) (< netstandard2.0)) (&& (>= net45) (< net46) (>= netstandard2.0))
      System.Runtime (>= 4.3) - restriction: || (== netcoreapp2.0) (== netstandard2.0) (&& (>= net45) (< net46) (>= netstandard1.3))
    System.Linq (4.3) - restriction: || (== netcoreapp2.0) (== netstandard2.0) (&& (>= dnxcore50) (>= net45) (>= netstandard1.6)) (&& (>= dnxcore50) (>= net461)) (&& (< net35) (>= net45) (>= netstandard1.6)) (&& (< net35) (>= net461) (>= netstandard1.6)) (&& (< net35) (>= net463))
      System.Collections (>= 4.3) - restriction: || (== netcoreapp2.0) (== netstandard2.0) (&& (>= dnxcore50) (>= net45))
      System.Diagnostics.Debug (>= 4.3) - restriction: || (== netcoreapp2.0) (== netstandard2.0) (&& (>= dnxcore50) (>= net45))
      System.Resources.ResourceManager (>= 4.3) - restriction: || (== netcoreapp2.0) (== netstandard2.0) (&& (>= dnxcore50) (>= net45))
      System.Runtime (>= 4.3) - restriction: || (== netcoreapp2.0) (== netstandard2.0) (&& (>= dnxcore50) (>= net45))
      System.Runtime.Extensions (>= 4.3) - restriction: || (== netcoreapp2.0) (== netstandard2.0) (&& (>= dnxcore50) (>= net45))
    System.Reflection (4.3) - restriction: || (== netcoreapp2.0) (== netstandard2.0) (&& (>= dnxcore50) (>= net45) (>= netstandard1.6)) (&& (>= dnxcore50) (>= net45) (>= netstandard2.0)) (&& (>= net45) (>= netcoreapp1.1) (>= netstandard2.0)) (&& (>= net45) (>= netcoreapp1.1) (< netstandard2.0))
      Microsoft.NETCore.Platforms (>= 1.1) - restriction: || (== netcoreapp2.0) (== netstandard2.0) (&& (>= dnxcore50) (>= net45))
      Microsoft.NETCore.Targets (>= 1.1) - restriction: || (== netcoreapp2.0) (== netstandard2.0) (&& (>= dnxcore50) (>= net45))
      System.IO (>= 4.3) - restriction: || (== netcoreapp2.0) (== netstandard2.0) (&& (>= dnxcore50) (>= net45))
      System.Reflection.Primitives (>= 4.3) - restriction: || (== netcoreapp2.0) (== netstandard2.0) (&& (>= dnxcore50) (>= net45))
      System.Runtime (>= 4.3) - restriction: || (== netcoreapp2.0) (== netstandard2.0) (&& (>= dnxcore50) (>= net45))
    System.Reflection.Metadata (1.5) - restriction: || (== netcoreapp2.0) (== netstandard2.0) (&& (>= dnxcore50) (>= net45) (>= netstandard1.6)) (&& (>= dnxcore50) (>= net45) (>= netstandard2.0)) (&& (>= net45) (< net46) (>= netstandard1.6) (< netstandard2.0)) (&& (>= net45) (< net46) (>= netstandard2.0))
      System.Collections.Immutable (>= 1.4) - restriction: || (&& (== netcoreapp2.0) (>= monoandroid)) (&& (== netcoreapp2.0) (>= monotouch)) (&& (== netcoreapp2.0) (< netstandard1.1)) (&& (== netcoreapp2.0) (< netstandard2.0)) (&& (== netcoreapp2.0) (< portable-net45+win8)) (&& (== netcoreapp2.0) (>= xamarinios)) (&& (== netcoreapp2.0) (>= xamarinmac)) (&& (== netcoreapp2.0) (>= xamarintvos)) (&& (== netcoreapp2.0) (>= xamarinwatchos)) (== netstandard2.0) (&& (>= monoandroid) (>= net45)) (&& (>= monotouch) (>= net45)) (&& (>= net45) (< netstandard1.1)) (&& (>= net45) (>= netstandard2.0)) (&& (>= net45) (< netstandard2.0)) (&& (>= net45) (< portable-net45+win8)) (&& (>= net45) (>= xamarinios)) (&& (>= net45) (>= xamarinmac)) (&& (>= net45) (>= xamarintvos)) (&& (>= net45) (>= xamarinwatchos))
    System.Reflection.Primitives (4.3) - restriction: || (== netcoreapp2.0) (== netstandard2.0) (&& (>= dnxcore50) (>= net45) (>= netstandard1.6)) (&& (>= dnxcore50) (>= net45) (>= netstandard2.0)) (&& (>= net45) (>= netcoreapp1.1) (>= netstandard2.0)) (&& (>= net45) (>= netcoreapp1.1) (< netstandard2.0))
      Microsoft.NETCore.Platforms (>= 1.1) - restriction: || (== netcoreapp2.0) (== netstandard2.0) (&& (>= dnxcore50) (>= net45))
      Microsoft.NETCore.Targets (>= 1.1) - restriction: || (== netcoreapp2.0) (== netstandard2.0) (&& (>= dnxcore50) (>= net45))
      System.Runtime (>= 4.3) - restriction: || (== netcoreapp2.0) (== netstandard2.0) (&& (>= dnxcore50) (>= net45))
    System.Resources.ResourceManager (4.3) - restriction: || (== netcoreapp2.0) (== netstandard2.0) (&& (>= dnxcore50) (>= net45) (>= netstandard1.6)) (&& (>= dnxcore50) (>= net461)) (&& (< net35) (>= net45) (>= netstandard1.6)) (&& (< net35) (>= net461) (>= netstandard1.6))
      Microsoft.NETCore.Platforms (>= 1.1) - restriction: || (== netcoreapp2.0) (== netstandard2.0) (&& (>= dnxcore50) (>= net45))
      Microsoft.NETCore.Targets (>= 1.1) - restriction: || (== netcoreapp2.0) (== netstandard2.0) (&& (>= dnxcore50) (>= net45))
      System.Globalization (>= 4.3) - restriction: || (== netcoreapp2.0) (== netstandard2.0) (&& (>= dnxcore50) (>= net45))
      System.Reflection (>= 4.3) - restriction: || (== netcoreapp2.0) (== netstandard2.0) (&& (>= dnxcore50) (>= net45))
      System.Runtime (>= 4.3) - restriction: || (== netcoreapp2.0) (== netstandard2.0) (&& (>= dnxcore50) (>= net45))
    System.Runtime (4.3) - restriction: || (== netcoreapp2.0) (== netstandard2.0) (&& (>= dnxcore50) (>= net45) (>= netstandard1.6)) (&& (>= dnxcore50) (>= net45) (>= netstandard2.0)) (&& (>= net45) (< net46) (>= netstandard1.6) (< netstandard2.0)) (&& (>= net45) (< net46) (>= netstandard2.0))
      Microsoft.NETCore.Platforms (>= 1.1) - restriction: || (== netcoreapp2.0) (== netstandard2.0) (&& (>= dnxcore50) (>= net45))
      Microsoft.NETCore.Targets (>= 1.1) - restriction: || (== netcoreapp2.0) (== netstandard2.0) (&& (>= dnxcore50) (>= net45))
    System.Runtime.Extensions (4.3) - restriction: || (== netcoreapp2.0) (== netstandard2.0) (&& (>= dnxcore50) (>= net45) (>= netstandard1.6)) (&& (>= dnxcore50) (>= net45) (>= netstandard2.0)) (&& (>= net45) (< net46) (>= netstandard1.6) (< netstandard2.0)) (&& (>= net45) (< net46) (>= netstandard2.0))
      Microsoft.NETCore.Platforms (>= 1.1) - restriction: || (== netcoreapp2.0) (== netstandard2.0) (&& (>= dnxcore50) (>= net45))
      Microsoft.NETCore.Targets (>= 1.1) - restriction: || (== netcoreapp2.0) (== netstandard2.0) (&& (>= dnxcore50) (>= net45))
      System.Runtime (>= 4.3) - restriction: || (== netcoreapp2.0) (== netstandard2.0) (&& (>= dnxcore50) (>= net45))
    System.Runtime.Handles (4.3) - restriction: || (== netcoreapp2.0) (== netstandard2.0) (&& (>= dnxcore50) (>= net45) (>= netstandard1.6)) (&& (>= dnxcore50) (>= net45) (>= netstandard2.0)) (&& (>= net45) (< net46) (>= netstandard1.6) (< netstandard2.0)) (&& (>= net45) (< net46) (>= netstandard2.0))
      Microsoft.NETCore.Platforms (>= 1.1) - restriction: || (== netcoreapp2.0) (== netstandard2.0) (&& (>= net45) (< net46) (>= netstandard1.3))
      Microsoft.NETCore.Targets (>= 1.1) - restriction: || (== netcoreapp2.0) (== netstandard2.0) (&& (>= net45) (< net46) (>= netstandard1.3))
      System.Runtime (>= 4.3) - restriction: || (== netcoreapp2.0) (== netstandard2.0) (&& (>= net45) (< net46) (>= netstandard1.3))
    System.Runtime.InteropServices (4.3) - restriction: || (== netcoreapp2.0) (== netstandard2.0) (&& (>= net45) (< net46) (>= netstandard1.6) (< netstandard2.0)) (&& (>= net45) (< net46) (>= netstandard2.0))
      Microsoft.NETCore.Platforms (>= 1.1) - restriction: || (== netcoreapp2.0) (== netstandard2.0) (&& (>= dnxcore50) (>= net45)) (&& (>= net45) (>= netcoreapp1.1))
      Microsoft.NETCore.Targets (>= 1.1) - restriction: || (== netcoreapp2.0) (== netstandard2.0) (&& (>= dnxcore50) (>= net45)) (&& (>= net45) (>= netcoreapp1.1))
      System.Reflection (>= 4.3) - restriction: || (== netcoreapp2.0) (== netstandard2.0) (&& (>= dnxcore50) (>= net45)) (&& (>= net45) (>= netcoreapp1.1))
      System.Reflection.Primitives (>= 4.3) - restriction: || (== netcoreapp2.0) (== netstandard2.0) (&& (>= dnxcore50) (>= net45)) (&& (>= net45) (>= netcoreapp1.1))
      System.Runtime (>= 4.3) - restriction: || (== netcoreapp2.0) (== netstandard2.0) (&& (>= dnxcore50) (>= net45)) (&& (>= net45) (>= netcoreapp1.1)) (>= net462)
      System.Runtime.Handles (>= 4.3) - restriction: || (== netcoreapp2.0) (== netstandard2.0) (&& (>= dnxcore50) (>= net45)) (&& (>= net45) (>= netcoreapp1.1))
    System.Runtime.Numerics (4.3) - restriction: || (== netcoreapp2.0) (== netstandard2.0) (&& (< net35) (>= net45) (>= netstandard1.6)) (&& (< net35) (>= net461) (>= netstandard1.6))
      System.Globalization (>= 4.3) - restriction: || (== netcoreapp2.0) (== netstandard2.0) (&& (>= dnxcore50) (>= net45))
      System.Resources.ResourceManager (>= 4.3) - restriction: || (== netcoreapp2.0) (== netstandard2.0) (&& (>= dnxcore50) (>= net45))
      System.Runtime (>= 4.3) - restriction: || (== netcoreapp2.0) (== netstandard2.0) (&& (>= dnxcore50) (>= net45))
      System.Runtime.Extensions (>= 4.3) - restriction: || (== netcoreapp2.0) (== netstandard2.0) (&& (>= dnxcore50) (>= net45))
    System.Security.Cryptography.Algorithms (4.3.1) - restriction: || (== netcoreapp2.0) (== netstandard2.0) (&& (< net35) (>= net45) (>= netstandard1.6)) (&& (< net35) (>= net461))
      Microsoft.NETCore.Platforms (>= 1.1) - restriction: || (== netcoreapp2.0) (== netstandard2.0) (&& (>= dnxcore50) (>= net45)) (&& (>= net45) (< net46) (>= netstandard1.6))
      runtime.native.System.Security.Cryptography.Apple (>= 4.3.1) - restriction: || (== netcoreapp2.0) (== netstandard2.0) (&& (>= net45) (< net46) (>= netstandard1.6))
      runtime.native.System.Security.Cryptography.OpenSsl (>= 4.3.2) - restriction: || (== netcoreapp2.0) (== netstandard2.0) (&& (>= net45) (< net46) (>= netstandard1.6))
      System.Collections (>= 4.3) - restriction: || (== netcoreapp2.0) (== netstandard2.0) (&& (>= net45) (< net46) (>= netstandard1.6))
      System.IO (>= 4.3) - restriction: || (== netcoreapp2.0) (== netstandard2.0) (&& (>= dnxcore50) (>= net45)) (&& (>= net45) (< net46) (>= netstandard1.3) (< netstandard1.4)) (&& (>= net45) (< net46) (>= netstandard1.4) (< netstandard1.6)) (&& (>= net45) (< net46) (>= netstandard1.6)) (>= net463)
      System.Resources.ResourceManager (>= 4.3) - restriction: || (== netcoreapp2.0) (== netstandard2.0) (&& (>= dnxcore50) (>= net45)) (&& (>= net45) (< net46) (>= netstandard1.6))
      System.Runtime (>= 4.3) - restriction: || (== netcoreapp2.0) (== netstandard2.0) (&& (>= dnxcore50) (>= net45)) (&& (>= net45) (< net46) (>= netstandard1.3) (< netstandard1.4)) (&& (>= net45) (< net46) (>= netstandard1.4) (< netstandard1.6)) (&& (>= net45) (< net46) (>= netstandard1.6)) (>= net463)
      System.Runtime.Extensions (>= 4.3) - restriction: || (== netcoreapp2.0) (== netstandard2.0) (&& (>= dnxcore50) (>= net45)) (&& (>= net45) (< net46) (>= netstandard1.6))
      System.Runtime.Handles (>= 4.3) - restriction: || (== netcoreapp2.0) (== netstandard2.0) (&& (>= dnxcore50) (>= net45)) (&& (>= net45) (< net46) (>= netstandard1.6))
      System.Runtime.InteropServices (>= 4.3) - restriction: || (== netcoreapp2.0) (== netstandard2.0) (&& (>= dnxcore50) (>= net45)) (&& (>= net45) (< net46) (>= netstandard1.6))
      System.Runtime.Numerics (>= 4.3) - restriction: || (== netcoreapp2.0) (== netstandard2.0) (&& (>= net45) (< net46) (>= netstandard1.6))
      System.Security.Cryptography.Encoding (>= 4.3) - restriction: || (== netcoreapp2.0) (== netstandard2.0) (&& (>= dnxcore50) (>= net45)) (&& (>= net45) (< net46) (>= netstandard1.6)) (>= net463)
      System.Security.Cryptography.Primitives (>= 4.3) - restriction: || (== netcoreapp2.0) (== netstandard2.0) (&& (>= dnxcore50) (>= net45)) (&& (>= net45) (< net46) (>= netstandard1.3) (< netstandard1.4)) (&& (>= net45) (< net46) (>= netstandard1.4) (< netstandard1.6)) (&& (>= net45) (< net46) (>= netstandard1.6)) (&& (>= net46) (< netstandard1.4)) (&& (>= net461) (< netstandard1.6)) (>= net463)
      System.Text.Encoding (>= 4.3) - restriction: || (== netcoreapp2.0) (== netstandard2.0) (&& (>= dnxcore50) (>= net45)) (&& (>= net45) (< net46) (>= netstandard1.6))
    System.Security.Cryptography.Csp (4.3) - restriction: || (== netcoreapp2.0) (== netstandard2.0) (&& (< net35) (>= net45) (>= netstandard1.6)) (&& (< net35) (>= net461))
      Microsoft.NETCore.Platforms (>= 1.1) - restriction: || (== netcoreapp2.0) (== netstandard2.0) (&& (>= net45) (< net46) (>= netstandard1.3))
      System.IO (>= 4.3) - restriction: || (== netcoreapp2.0) (== netstandard2.0) (&& (>= net45) (< net46) (>= netstandard1.3))
      System.Reflection (>= 4.3) - restriction: || (== netcoreapp2.0) (== netstandard2.0) (&& (>= net45) (< net46) (>= netstandard1.3))
      System.Resources.ResourceManager (>= 4.3) - restriction: || (== netcoreapp2.0) (== netstandard2.0) (&& (>= net45) (< net46) (>= netstandard1.3))
      System.Runtime (>= 4.3) - restriction: || (== netcoreapp2.0) (== netstandard2.0) (&& (>= net45) (< net46) (>= netstandard1.3))
      System.Runtime.Extensions (>= 4.3) - restriction: || (== netcoreapp2.0) (== netstandard2.0) (&& (>= net45) (< net46) (>= netstandard1.3))
      System.Runtime.Handles (>= 4.3) - restriction: || (== netcoreapp2.0) (== netstandard2.0) (&& (>= net45) (< net46) (>= netstandard1.3))
      System.Runtime.InteropServices (>= 4.3) - restriction: || (== netcoreapp2.0) (== netstandard2.0) (&& (>= net45) (< net46) (>= netstandard1.3))
      System.Security.Cryptography.Algorithms (>= 4.3) - restriction: || (== netcoreapp2.0) (== netstandard2.0) (&& (>= net45) (>= netstandard1.3)) (>= net46)
      System.Security.Cryptography.Encoding (>= 4.3) - restriction: || (== netcoreapp2.0) (== netstandard2.0) (&& (>= net45) (< net46) (>= netstandard1.3))
      System.Security.Cryptography.Primitives (>= 4.3) - restriction: || (== netcoreapp2.0) (== netstandard2.0) (&& (>= net45) (>= netstandard1.3)) (>= net46)
      System.Text.Encoding (>= 4.3) - restriction: || (== netcoreapp2.0) (== netstandard2.0) (&& (>= net45) (< net46) (>= netstandard1.3))
      System.Threading (>= 4.3) - restriction: || (== netcoreapp2.0) (== netstandard2.0) (&& (>= net45) (< net46) (>= netstandard1.3))
    System.Security.Cryptography.Encoding (4.3) - restriction: || (== netcoreapp2.0) (== netstandard2.0) (&& (>= dnxcore50) (>= net45) (>= netstandard1.6)) (&& (>= dnxcore50) (>= net461)) (&& (< net35) (>= net45) (>= netstandard1.6)) (&& (< net35) (>= net461) (>= netstandard1.6)) (&& (< net35) (>= net463))
      Microsoft.NETCore.Platforms (>= 1.1) - restriction: || (== netcoreapp2.0) (== netstandard2.0) (&& (>= net45) (< net46) (>= netstandard1.3))
      runtime.native.System.Security.Cryptography.OpenSsl (>= 4.3) - restriction: || (== netcoreapp2.0) (== netstandard2.0) (&& (>= net45) (< net46) (>= netstandard1.3))
      System.Collections (>= 4.3) - restriction: || (== netcoreapp2.0) (== netstandard2.0) (&& (>= net45) (< net46) (>= netstandard1.3))
      System.Collections.Concurrent (>= 4.3) - restriction: || (== netcoreapp2.0) (== netstandard2.0) (&& (>= net45) (< net46) (>= netstandard1.3))
      System.Linq (>= 4.3) - restriction: || (== netcoreapp2.0) (== netstandard2.0) (&& (>= net45) (< net46) (>= netstandard1.3))
      System.Resources.ResourceManager (>= 4.3) - restriction: || (== netcoreapp2.0) (== netstandard2.0) (&& (>= net45) (< net46) (>= netstandard1.3))
      System.Runtime (>= 4.3) - restriction: || (== netcoreapp2.0) (== netstandard2.0) (&& (>= net45) (< net46) (>= netstandard1.3))
      System.Runtime.Extensions (>= 4.3) - restriction: || (== netcoreapp2.0) (== netstandard2.0) (&& (>= net45) (< net46) (>= netstandard1.3))
      System.Runtime.Handles (>= 4.3) - restriction: || (== netcoreapp2.0) (== netstandard2.0) (&& (>= net45) (< net46) (>= netstandard1.3))
      System.Runtime.InteropServices (>= 4.3) - restriction: || (== netcoreapp2.0) (== netstandard2.0) (&& (>= net45) (< net46) (>= netstandard1.3))
      System.Security.Cryptography.Primitives (>= 4.3) - restriction: || (== netcoreapp2.0) (== netstandard2.0) (&& (>= net45) (< net46) (>= netstandard1.3))
      System.Text.Encoding (>= 4.3) - restriction: || (== netcoreapp2.0) (== netstandard2.0) (&& (>= net45) (< net46) (>= netstandard1.3))
    System.Security.Cryptography.Primitives (4.3) - restriction: || (== netcoreapp2.0) (== netstandard2.0) (&& (>= dnxcore50) (>= net45) (>= netstandard1.6)) (&& (>= dnxcore50) (>= net461)) (&& (< net35) (>= net45) (>= netstandard1.6)) (&& (< net35) (>= net46) (< netstandard1.4) (>= netstandard1.6)) (&& (< net35) (>= net461) (< netstandard1.4)) (&& (< net35) (>= net461) (>= netstandard1.6)) (&& (< net35) (>= net461) (< netstandard1.6)) (&& (< net35) (>= net463))
      System.Diagnostics.Debug (>= 4.3) - restriction: || (== netcoreapp2.0) (== netstandard2.0) (&& (>= net45) (< net46) (>= netstandard1.3))
      System.Globalization (>= 4.3) - restriction: || (== netcoreapp2.0) (== netstandard2.0) (&& (>= net45) (< net46) (>= netstandard1.3))
      System.IO (>= 4.3) - restriction: || (== netcoreapp2.0) (== netstandard2.0) (&& (>= net45) (< net46) (>= netstandard1.3))
      System.Resources.ResourceManager (>= 4.3) - restriction: || (== netcoreapp2.0) (== netstandard2.0) (&& (>= net45) (< net46) (>= netstandard1.3))
      System.Runtime (>= 4.3) - restriction: || (== netcoreapp2.0) (== netstandard2.0) (&& (>= net45) (< net46) (>= netstandard1.3))
      System.Threading (>= 4.3) - restriction: || (== netcoreapp2.0) (== netstandard2.0) (&& (>= net45) (< net46) (>= netstandard1.3))
      System.Threading.Tasks (>= 4.3) - restriction: || (== netcoreapp2.0) (== netstandard2.0) (&& (>= net45) (< net46) (>= netstandard1.3))
    System.Security.Cryptography.ProtectedData (4.4) - restriction: || (== netcoreapp2.0) (== netstandard2.0) (&& (< net45) (>= net461) (>= netstandard2.0)) (&& (>= net461) (>= netcoreapp2.0))
    System.Text.Encoding (4.3) - restriction: || (== netcoreapp2.0) (== netstandard2.0) (&& (>= dnxcore50) (>= net45) (>= netstandard1.6)) (&& (>= dnxcore50) (>= net45) (>= netstandard2.0))
      Microsoft.NETCore.Platforms (>= 1.1) - restriction: || (== netcoreapp2.0) (== netstandard2.0) (&& (>= dnxcore50) (>= net45))
      Microsoft.NETCore.Targets (>= 1.1) - restriction: || (== netcoreapp2.0) (== netstandard2.0) (&& (>= dnxcore50) (>= net45))
      System.Runtime (>= 4.3) - restriction: || (== netcoreapp2.0) (== netstandard2.0) (&& (>= dnxcore50) (>= net45))
    System.Threading (4.3) - restriction: || (== netcoreapp2.0) (== netstandard2.0) (&& (< net35) (>= net45) (>= netstandard1.6)) (&& (< net35) (>= net461))
      System.Runtime (>= 4.3) - restriction: || (== netcoreapp2.0) (== netstandard2.0) (&& (>= dnxcore50) (>= net45))
      System.Threading.Tasks (>= 4.3) - restriction: || (== netcoreapp2.0) (== netstandard2.0) (&& (>= dnxcore50) (>= net45))
    System.Threading.Tasks (4.3) - restriction: || (== netcoreapp2.0) (== netstandard2.0) (&& (>= dnxcore50) (>= net45) (>= netstandard1.6)) (&& (>= dnxcore50) (>= net45) (>= netstandard2.0))
      Microsoft.NETCore.Platforms (>= 1.1) - restriction: || (== netcoreapp2.0) (== netstandard2.0) (&& (>= dnxcore50) (>= net45))
      Microsoft.NETCore.Targets (>= 1.1) - restriction: || (== netcoreapp2.0) (== netstandard2.0) (&& (>= dnxcore50) (>= net45))
      System.Runtime (>= 4.3) - restriction: || (== netcoreapp2.0) (== netstandard2.0) (&& (>= dnxcore50) (>= net45))
    System.ValueTuple (4.4) - restriction: || (&& (== netcoreapp2.0) (< netstandard2.0)) (&& (>= net45) (>= netstandard1.6) (< netstandard2.0)) (>= net461)

GROUP Build
RESTRICTION: >= net45
NUGET
  remote: https://api.nuget.org/v3/index.json
    FAKE (4.64.4)
    Octokit (0.28)
GITHUB
  remote: fsharp/FAKE
    modules/Octokit/Octokit.fsx (43d68ede74f15158defc18fab7745c142972a8cf)
      Octokit (>= 0.20)